PATH
  remote: .
  specs:
    enkrip (0.1.0)
      activerecord (>= 5.2, < 7)

GEM
  remote: https://rubygems.org/
  specs:
    activemodel (6.1.3)
      activesupport (= 6.1.3)
    activerecord (6.1.3)
      activemodel (= 6.1.3)
      activesupport (= 6.1.3)
    activesupport (6.1.3)
      concurrent-ruby (~> 1.0, >= 1.0.2)
      i18n (>= 1.6, < 2)
      minitest (>= 5.1)
      tzinfo (~> 2.0)
      zeitwerk (~> 2.3)
    concurrent-ruby (1.1.8)
    ffi (1.14.2)
    i18n (1.8.9)
      concurrent-ruby (~> 1.0)
    minitest (5.11.3)
    rake (12.3.1)
    sqlite3 (0.1.1)
      ffi (>= 0.6.3)
    tzinfo (2.0.4)
      concurrent-ruby (~> 1.0)
    zeitwerk (2.4.2)

PLATFORMS
  ruby

DEPENDENCIES
  bundler (~> 1.16)
  enkrip!
  minitest (~> 5.11)
  rake (~> 12.3)
  sqlite3 (~> 0)

BUNDLED WITH
   1.16.6
