PATH
  remote: .
  specs:
    enkrip (0.1.0)
      activerecord (>= 5.2, < 6)

GEM
  remote: https://rubygems.org/
  specs:
    activemodel (5.2.4.3)
      activesupport (= 5.2.4.3)
    activerecord (5.2.4.3)
      activemodel (= 5.2.4.3)
      activesupport (= 5.2.4.3)
      arel (>= 9.0)
    activesupport (5.2.4.3)
      concurrent-ruby (~> 1.0, >= 1.0.2)
      i18n (>= 0.7, < 2)
      minitest (~> 5.1)
      tzinfo (~> 1.1)
    arel (9.0.0)
    concurrent-ruby (1.1.6)
    ffi (1.12.2)
    i18n (1.8.2)
      concurrent-ruby (~> 1.0)
    minitest (5.11.3)
    rake (12.3.1)
    sqlite3 (0.1.1)
      ffi (>= 0.6.3)
    thread_safe (0.3.6)
    tzinfo (1.2.7)
      thread_safe (~> 0.1)

PLATFORMS
  ruby

DEPENDENCIES
  bundler (~> 1.16)
  enkrip!
  minitest (~> 5.11)
  rake (~> 12.3)
  sqlite3 (~> 0)

BUNDLED WITH
   1.16.6
